PATH
  remote: .
  specs:
    byar (1.0.0)

GEM
  remote: https://rubygems.org/
  specs:
    minitest (5.11.3)
    rake (10.5.0)

PLATFORMS
  ruby

DEPENDENCIES
  bundler (~> 1.17)
  byar!
  minitest (~> 5.11)
  rake (~> 10.0)

BUNDLED WITH
   1.17.1
