PATH
  remote: .
  specs:
    byar (1.0.0)

GEM
  remote: https://rubygems.org/
  specs:
    minitest (5.14.4)
    rake (13.0.3)

PLATFORMS
  ruby

DEPENDENCIES
  bundler
  byar!
  minitest
  rake

BUNDLED WITH
   2.1.4
